GEM
  remote: https://rubygems.org/
  specs:
    addressable (2.4.0)
    awesome_print (1.6.1)
    capybara (2.6.0)
      addressable
      mime-types (>= 1.16)
      nokogiri (>= 1.3.3)
      rack (>= 1.0.0)
      rack-test (>= 0.5.4)
      xpath (~> 2.0)
    capybara-webkit (1.8.0)
      capybara (>= 2.3.0, < 2.7.0)
      json
    diff-lcs (1.2.5)
    domain_name (0.5.25)
      unf (>= 0.0.5, < 1.0.0)
    dotenv (2.1.0)
    http-cookie (1.0.2)
      domain_name (~> 0.5)
    json (1.8.3)
    mechanize (2.7.4)
      domain_name (~> 0.5, >= 0.5.1)
      http-cookie (~> 1.0)
      mime-types (>= 1.17.2, < 3)
      net-http-digest_auth (~> 1.1, >= 1.1.1)
      net-http-persistent (~> 2.5, >= 2.5.2)
      nokogiri (~> 1.6)
      ntlm-http (~> 0.1, >= 0.1.1)
      webrobots (>= 0.0.9, < 0.2)
    mime-types (2.99)
    mini_portile2 (2.0.0)
    net-http-digest_auth (1.4)
    net-http-persistent (2.9.4)
    nokogiri (1.6.7.2)
      mini_portile2 (~> 2.0.0.rc2)
    ntlm-http (0.1.1)
    pg (0.18.4)
    rack (1.6.4)
    rack-test (0.6.3)
      rack (>= 1.0)
    rspec (3.4.0)
      rspec-core (~> 3.4.0)
      rspec-expectations (~> 3.4.0)
      rspec-mocks (~> 3.4.0)
    rspec-core (3.4.1)
      rspec-support (~> 3.4.0)
    rspec-expectations (3.4.0)
      diff-lcs (>= 1.2.0, < 2.0)
      rspec-support (~> 3.4.0)
    rspec-mocks (3.4.1)
      diff-lcs (>= 1.2.0, < 2.0)
      rspec-support (~> 3.4.0)
    rspec-support (3.4.1)
    unf (0.1.4)
      unf_ext
    unf_ext (0.0.7.1)
    webrobots (0.1.2)
    xpath (2.0.0)
      nokogiri (~> 1.3)

PLATFORMS
  ruby

DEPENDENCIES
  awesome_print
  capybara
  capybara-webkit
  dotenv
  mechanize
  pg
  rspec
